GEM
  remote: https://rubygems.org/
  specs:
    bubble-wrap (1.3.0)
    dotenv (0.7.0)
    formotion (1.3.1)
      bubble-wrap (>= 1.1.4)
      motion-require (~> 0.0.3)
    motion-fontawesome (0.0.1)
      rake
    motion-require (0.0.6)
    motion-stump (0.2.1)
    rake (10.0.4)
    webstub (0.3.7)

PLATFORMS
  ruby

DEPENDENCIES
  bubble-wrap
  dotenv
  formotion
  motion-fontawesome
  motion-stump
  webstub
